GIT
  remote: git://github.com/mitchellh/vagrant.git
  revision: 6977e93ba98fd19112b1fed74dafb8619f581984
  tag: v1.5.1
  specs:
    vagrant (1.5.1)
      bundler (~> 1.5.2)
      childprocess (~> 0.5.0)
      erubis (~> 2.7.0)
      i18n (~> 0.6.0)
      listen (~> 2.4.0)
      log4r (~> 1.1.9, < 1.1.11)
      net-scp (~> 1.1.0)
      net-ssh (>= 2.6.6, < 2.8.0)
      rb-kqueue (~> 0.2.0)
      wdm (~> 0.1.0)

PATH
  remote: .
  specs:
    vagrant-keymanager (1.0.8)

GEM
  remote: https://rubygems.org/
  specs:
    celluloid (0.16.0)
      timers (~> 4.0.0)
    childprocess (0.5.0)
      ffi (~> 1.0, >= 1.0.11)
    erubis (2.7.0)
    ffi (1.9.8-x86-mingw32)
    hitimes (1.2.2-x86-mingw32)
    i18n (0.6.0)
    listen (2.4.0)
      celluloid (>= 0.15.2)
      rb-fsevent (>= 0.9.3)
      rb-inotify (>= 0.9)
    log4r (1.1.9)
    net-scp (1.1.0)
      net-ssh (>= 2.6.5)
    net-ssh (2.6.6)
    rake (10.4.2)
    rb-fsevent (0.9.4)
    rb-inotify (0.9.5)
      ffi (>= 0.5.0)
    rb-kqueue (0.2.0)
      ffi (>= 0.5.0)
    timers (4.0.1)
      hitimes
    wdm (0.1.0)

PLATFORMS
  x86-mingw32

DEPENDENCIES
  bundler (~> 1.3)
  rake
  vagrant!
  vagrant-keymanager!
